GEM
  remote: https://rubygems.org/
  specs:
    coffee-script (2.2.0)
      coffee-script-source
      execjs
    coffee-script-source (1.7.0)
    execjs (2.0.2)
    haml (4.0.5)
      tilt
    rake (10.3.1)
    sass (3.3.6)
    tilt (2.0.1)
    yui-compressor (0.12.0)
    yuicompressor (1.3.3)

PLATFORMS
  ruby

DEPENDENCIES
  coffee-script
  haml
  rake
  sass
  yui-compressor
  yuicompressor
